GIT
  remote: git://github.com/titopandub/lita-quran.git
  revision: 501c6bec8393e6785bb549c617aea0cf6e51e633
  specs:
    lita-quran (0.1.0)
      lita (>= 4.7)
      pg (>= 0.20)
      sequel (>= 4.45)

GEM
  remote: https://rubygems.org/
  specs:
    eventmachine (1.2.3)
    faraday (0.12.0.1)
      multipart-post (>= 1.2, < 3)
    http_router (0.11.2)
      rack (>= 1.0.0)
      url_mount (~> 0.2.1)
    i18n (0.8.1)
    ice_nine (0.11.2)
    line-bot-api (1.0.0)
    lita (4.7.1)
      bundler (>= 1.3)
      faraday (>= 0.8.7)
      http_router (>= 0.11.2)
      i18n (>= 0.6.9)
      ice_nine (>= 0.11.0)
      multi_json (>= 1.7.7)
      puma (>= 2.7.1)
      rack (>= 1.5.2, < 2.0.0)
      rb-readline (>= 0.5.1)
      redis-namespace (>= 1.3.0)
      thor (>= 0.18.1)
    lita-line (1.0.0)
      eventmachine
      line-bot-api (~> 1.0.0)
      lita (>= 4.7)
    multi_json (1.12.1)
    multipart-post (2.0.0)
    pg (0.20.0)
    puma (3.8.2)
    rack (1.6.5)
    rb-readline (0.5.4)
    redis (3.3.3)
    redis-namespace (1.5.3)
      redis (~> 3.0, >= 3.0.4)
    sequel (4.45.0)
    thor (0.19.4)
    url_mount (0.2.1)
      rack

PLATFORMS
  ruby

DEPENDENCIES
  lita
  lita-line
  lita-quran!

BUNDLED WITH
   1.14.6
